GEM
  remote: https://rubygems.org/
  specs:
    aws-sdk (2.9.7)
      aws-sdk-resources (= 2.9.7)
    aws-sdk-core (2.9.7)
      aws-sigv4 (~> 1.0)
      jmespath (~> 1.0)
    aws-sdk-resources (2.9.7)
      aws-sdk-core (= 2.9.7)
    aws-sigv4 (1.0.0)
    axiom-types (0.1.1)
      descendants_tracker (~> 0.0.4)
      ice_nine (~> 0.11.0)
      thread_safe (~> 0.3, >= 0.3.1)
    coercible (1.0.0)
      descendants_tracker (~> 0.0.1)
    descendants_tracker (0.0.4)
      thread_safe (~> 0.3, >= 0.3.1)
    equalizer (0.0.11)
    faraday (0.12.0.1)
      multipart-post (>= 1.2, < 3)
    firebase (0.2.6)
      httpclient
      json
    httpclient (2.8.3)
    i18n (0.8.1)
    ice_nine (0.11.2)
    jmespath (1.3.1)
    json (2.0.2)
    multipart-post (2.0.0)
    telegram-bot-ruby (0.7.2)
      faraday
      virtus
    thread_safe (0.3.6)
    virtus (1.0.5)
      axiom-types (~> 0.1)
      coercible (~> 1.0)
      descendants_tracker (~> 0.0, >= 0.0.3)
      equalizer (~> 0.0, >= 0.0.9)

PLATFORMS
  ruby

DEPENDENCIES
  aws-sdk
  firebase
  i18n
  json
  telegram-bot-ruby

RUBY VERSION
   ruby 2.4.0p0

BUNDLED WITH
   1.14.6
